GEM
  remote: https://rubygems.org/
  specs:
    coderay (1.1.3)
    date (3.4.1)
    json (2.7.6)
    method_source (1.1.0)
    mini_portile2 (2.8.9)
    nokogiri (1.13.10)
      mini_portile2 (~> 2.8.0)
      racc (~> 1.4)
    open-uri (0.5.0)
      stringio
      time
      uri
    pry (0.15.2)
      coderay (~> 1.1)
      method_source (~> 1.0)
    racc (1.8.1)
    stringio (3.0.6)
    time (0.4.1)
      date
    uri (1.0.3)

PLATFORMS
  ruby

DEPENDENCIES
  json
  nokogiri
  open-uri
  pry

BUNDLED WITH
   1.17.2
